GEM
  remote: https://rubygems.org/
  specs:
    coderay (1.1.0)
    highline (1.6.21)
    method_source (0.8.2)
    mini_portile (0.6.0)
    net-scp (1.2.1)
      net-ssh (>= 2.6.5)
    net-ssh (2.9.1)
    netconf (0.3.1)
      net-scp
      net-ssh (>= 2.5.2)
      nokogiri (>= 1.5.5)
    nokogiri (1.6.3.1)
      mini_portile (= 0.6.0)
    pry (0.10.1)
      coderay (~> 1.1.0)
      method_source (~> 0.8.1)
      slop (~> 3.4)
    slop (3.6.0)

PLATFORMS
  ruby

DEPENDENCIES
  highline
  netconf
  pry
